GIT
  remote: git://github.com/eatabit/open-nlp.git
  revision: 67f6f4798c0742f719c03a011d5c87a4d49fa871
  specs:
    open-nlp (0.1.5)
      bind-it (~> 0.2.5)

GEM
  remote: https://rubygems.org/
  specs:
    bind-it (0.2.7)
      rjb (~> 1.4.3)
    rjb (1.4.9)

PLATFORMS
  ruby

DEPENDENCIES
  open-nlp!
