GIT
  remote: git://github.com/eatabit/open-nlp.git
  revision: e8f50b2ce13000ea6bfe47b818bef61c12730bbf
  ref: e8f50b2ce13000ea6bfe47b818bef61c12730bbf
  specs:
    open-nlp (0.1.5)
      bind-it (~> 0.2.5)

GEM
  remote: https://rubygems.org/
  specs:
    bind-it (0.2.7)
      rjb (~> 1.4.3)
    fuzzy_match (2.1.0)
    rjb (1.4.9)
    sunspot_solr (2.1.1)

PLATFORMS
  ruby

DEPENDENCIES
  fuzzy_match
  open-nlp!
  sunspot_solr
